GEM
  remote: http://rubygems.org/
  specs:
    amazon_product (3.0.1)
      nokogiri (~> 1.4)
    haml (3.1.7)
    nokogiri (1.5.6)
    rack (1.4.4)
    rack-protection (1.3.2)
      rack
    sass (3.2.5)
    sinatra (1.3.3)
      rack (~> 1.3, >= 1.3.6)
      rack-protection (~> 1.2)
      tilt (~> 1.3, >= 1.3.3)
    tilt (1.3.3)

PLATFORMS
  ruby

DEPENDENCIES
  amazon_product
  haml
  sass
  sinatra
